PATH
  remote: .
  specs:
    skp (1.0.0)
      cli-ui
      excon
      thor
      thor-hollaback

GEM
  remote: https://rubygems.org/
  specs:
    ast (2.4.2)
    cli-ui (1.5.1)
    excon (0.87.0)
    hollaback (0.1.0)
    minitest (5.14.4)
    parallel (1.21.0)
    parser (3.0.2.0)
      ast (~> 2.4.1)
    rainbow (3.0.0)
    rake (13.0.6)
    regexp_parser (2.1.1)
    rexml (3.2.5)
    rubocop (1.20.0)
      parallel (~> 1.10)
      parser (>= 3.0.0.0)
      rainbow (>= 2.2.2, < 4.0)
      regexp_parser (>= 1.8, < 3.0)
      rexml
      rubocop-ast (>= 1.9.1, < 2.0)
      ruby-progressbar (~> 1.7)
      unicode-display_width (>= 1.4.0, < 3.0)
    rubocop-ast (1.12.0)
      parser (>= 3.0.1.1)
    rubocop-performance (1.11.5)
      rubocop (>= 1.7.0, < 2.0)
      rubocop-ast (>= 0.4.0)
    ruby-progressbar (1.11.0)
    standard (1.3.0)
      rubocop (= 1.20.0)
      rubocop-performance (= 1.11.5)
    thor (1.1.0)
    thor-hollaback (0.2.0)
      hollaback (~> 0.1.0)
      thor (>= 0.19.1)
    unicode-display_width (2.1.0)

PLATFORMS
  x86_64-darwin-17

DEPENDENCIES
  cli-ui
  excon
  minitest
  rake
  skp!
  standard
  thor
  thor-hollaback

BUNDLED WITH
   2.2.22
